PATH
  remote: .
  specs:
    kamel (0.2.0)
      builder (~> 3.0.0)
      ruby_kml (~> 0.1.4)

GEM
  remote: https://rubygems.org/
  specs:
    builder (3.0.0)
    diff-lcs (1.1.3)
    rake (0.9.2.2)
    rspec (2.10.0)
      rspec-core (~> 2.10.0)
      rspec-expectations (~> 2.10.0)
      rspec-mocks (~> 2.10.0)
    rspec-core (2.10.1)
    rspec-expectations (2.10.0)
      diff-lcs (~> 1.1.3)
    rspec-mocks (2.10.1)
    ruby_kml (0.1.6)

PLATFORMS
  ruby

DEPENDENCIES
  kamel!
  rake (~> 0.9)
  rspec (~> 2.9)
